PATH
  remote: .
  specs:
    toadhopper (1.2)

GEM
  remote: http://rubygems.org/
  specs:
    fakeweb (1.3.0)
    rake (0.8.7)
    test-unit (2.1.1)

PLATFORMS
  ruby

DEPENDENCIES
  fakeweb
  rake
  test-unit
  toadhopper!
